PATH
  remote: ../..
  specs:
    assignable_values (0.5.2)
      activerecord

GEM
  remote: http://rubygems.org/
  specs:
    actionmailer (2.3.10)
      actionpack (= 2.3.10)
    actionpack (2.3.10)
      activesupport (= 2.3.10)
      rack (~> 1.1.0)
    activerecord (2.3.10)
      activesupport (= 2.3.10)
    activeresource (2.3.10)
      activesupport (= 2.3.10)
    activesupport (2.3.10)
    columnize (0.3.6)
    linecache (0.46)
      rbx-require-relative (> 0.0.4)
    rack (1.1.3)
    rails (2.3.10)
      actionmailer (= 2.3.10)
      actionpack (= 2.3.10)
      activerecord (= 2.3.10)
      activeresource (= 2.3.10)
      activesupport (= 2.3.10)
      rake (>= 0.8.3)
    rake (10.0.2)
    rbx-require-relative (0.0.9)
    rspec (1.3.2)
    rspec-rails (1.3.4)
      rack (>= 1.0.0)
      rspec (~> 1.3.1)
    rspec_candy (0.2.1)
      rspec
    ruby-debug (0.10.4)
      columnize (>= 0.1)
      ruby-debug-base (~> 0.10.4.0)
    ruby-debug-base (0.10.4)
      linecache (>= 0.3)
    sqlite3 (1.3.6)

PLATFORMS
  ruby

DEPENDENCIES
  assignable_values!
  rails (= 2.3.10)
  rspec (< 2)
  rspec-rails (< 2)
  rspec_candy
  ruby-debug
  sqlite3
