PATH
  remote: ../..
  specs:
    assignable_values (0.11.2)
      activerecord

GEM
  remote: https://rubygems.org/
  specs:
    actionmailer (2.3.17)
      actionpack (= 2.3.17)
    actionpack (2.3.17)
      activesupport (= 2.3.17)
      rack (~> 1.1.0)
    activerecord (2.3.17)
      activesupport (= 2.3.17)
    activeresource (2.3.17)
      activesupport (= 2.3.17)
    activesupport (2.3.17)
    columnize (0.3.6)
    hoe (2.8.0)
      rake (>= 0.8.7)
    linecache (0.46)
      rbx-require-relative (> 0.0.4)
    rack (1.1.6)
    rails (2.3.17)
      actionmailer (= 2.3.17)
      actionpack (= 2.3.17)
      activerecord (= 2.3.17)
      activeresource (= 2.3.17)
      activesupport (= 2.3.17)
      rake (>= 0.8.3)
    rake (10.0.3)
    rbx-require-relative (0.0.9)
    rspec (1.3.2)
    rspec-rails (1.3.4)
      rack (>= 1.0.0)
      rspec (~> 1.3.1)
    rspec_candy (0.2.8)
      rspec
      sneaky-save
    ruby-debug (0.10.4)
      columnize (>= 0.1)
      ruby-debug-base (~> 0.10.4.0)
    ruby-debug-base (0.10.4)
      linecache (>= 0.3)
    sneaky-save (0.0.2)
      activerecord (>= 2.3.2)
    sqlite3 (1.3.7)
    test-unit (1.2.3)
      hoe (>= 1.5.1)

PLATFORMS
  ruby

DEPENDENCIES
  assignable_values!
  hoe (= 2.8.0)
  rails (~> 2.3.10)
  rspec (< 2)
  rspec-rails (< 2)
  rspec_candy
  ruby-debug
  sqlite3
  test-unit (= 1.2.3)

BUNDLED WITH
   1.12.5
